GEM
  remote: https://rubygems.org/
  specs:
    concurrent-ruby (1.0.1)
    connection_pool (2.2.0)
    cuba (3.6.0)
      rack (~> 1.6.0)
    oj (2.15.0)
    rack (1.6.4)
    redis (3.3.0)
    sidekiq (4.1.1)
      concurrent-ruby (~> 1.0)
      connection_pool (~> 2.2, >= 2.2.0)
      redis (~> 3.2, >= 3.2.1)

PLATFORMS
  ruby

DEPENDENCIES
  cuba
  oj
  sidekiq

BUNDLED WITH
   1.11.2
